GEM
  remote: https://rubygems.org/
  specs:
    bson (1.9.2)
    bson_ext (1.9.2)
      bson (~> 1.9.2)
    coffee-script (2.4.1)
      coffee-script-source
      execjs
    coffee-script-source (1.9.1.1)
    execjs (2.5.2)
    haml (4.0.6)
      tilt
    ki (0.4.9)
      bson_ext
      bundler (~> 1.5)
      coffee-script
      haml
      mongo (= 1.9.2)
      rack
      rack-cors
      rack-parser
      sass
      thor
    mongo (1.9.2)
      bson (~> 1.9.2)
    rack (1.6.1)
    rack-cors (0.4.0)
    rack-parser (0.6.1)
      rack
    sass (3.4.14)
    thor (0.19.1)
    tilt (2.0.1)

PLATFORMS
  ruby

DEPENDENCIES
  ki
